GEM
  remote: https://rubygems.org/
  specs:
    mustermann (3.0.0)
      ruby2_keywords (~> 0.0.1)
    nio4r (2.5.8)
    puma (6.0.2)
      nio4r (~> 2.0)
    rack (2.2.5)
    rack-protection (3.0.5)
      rack
    require_all (3.0.0)
    ruby2_keywords (0.0.5)
    sequel (5.64.0)
    sinatra (3.0.5)
      mustermann (~> 3.0)
      rack (~> 2.2, >= 2.2.4)
      rack-protection (= 3.0.5)
      tilt (~> 2.0)
    tilt (2.0.11)

PLATFORMS
  x86_64-linux

DEPENDENCIES
  puma
  require_all
  sequel
  sinatra

BUNDLED WITH
   2.3.26
